GIT
  remote: git://github.com/himynameisjonas/fleakr.git
  revision: 2300eb3d915769a1ad76b0d4744c9b53acb01979
  specs:
    fleakr (0.7.1)
      hpricot (>= 0.6.164)
      loggable (>= 0.2.0)

GIT
  remote: git://github.com/himynameisjonas/jekyll.git
  revision: 43b8a7689e744dd47f3af11b6d24dc7efb1d9e2c
  specs:
    jekyll (0.11.2)
      classifier (~> 1.3)
      directory_watcher (~> 1.1)
      kramdown (~> 0.13.4)
      liquid (~> 2.3)
      maruku (~> 0.5)
      pygments.rb (~> 0.2.12)

GIT
  remote: git://github.com/himynameisjonas/rack-jekyll.git
  revision: deb3360f21e1b43886dd10758ac5560fa6fd70f8
  specs:
    rack-jekyll (0.3.7)
      jekyll (~> 0.11.0)
      rack (~> 1.3.2)

GEM
  remote: http://rubygems.org/
  specs:
    addressable (2.2.7)
    babosa (0.3.6)
    blankslate (2.1.2.4)
    classifier (1.3.3)
      fast-stemmer (>= 1.0.0)
    dalli (1.1.5)
    directory_watcher (1.4.1)
    fast-stemmer (1.0.1)
    ffi (1.0.11)
    heroku (2.20.1)
      launchy (>= 0.3.2)
      rest-client (~> 1.6.1)
      rubyzip
      term-ansicolor (~> 1.0.5)
    hpricot (0.8.6)
    kgio (2.7.4)
    kramdown (0.13.7)
    launchy (2.0.5)
      addressable (~> 2.2.6)
    liquid (2.4.1)
    loggable (0.3.0)
    maruku (0.6.0)
      syntax (>= 1.0.0)
    mime-types (1.17.2)
    pygments.rb (0.2.13)
      rubypython (~> 0.5.3)
    rack (1.3.6)
    rackables (0.2.0)
    raindrops (0.9.0)
    rake (0.9.2.2)
    rest-client (1.6.7)
      mime-types (>= 1.16)
    rubypython (0.5.3)
      blankslate (>= 2.1.2.3)
      ffi (~> 1.0.7)
    rubyzip (0.9.5)
    stringex (1.3.0)
    syntax (1.0.0)
    term-ansicolor (1.0.7)
    unicorn (4.3.1)
      kgio (~> 2.6)
      rack
      raindrops (~> 0.7)

PLATFORMS
  ruby

DEPENDENCIES
  babosa
  dalli
  fleakr!
  heroku
  jekyll!
  rack-jekyll!
  rackables
  rake
  stringex
  unicorn
