GEM
  remote: http://rubygems.org/
  specs:
    RedCloth (4.2.9)
    addressable (2.2.7)
    albino (1.3.3)
      posix-spawn (>= 0.3.6)
    babosa (0.3.6)
    classifier (1.3.3)
      fast-stemmer (>= 1.0.0)
    directory_watcher (1.4.1)
    fast-stemmer (1.0.0)
    fleakr (0.7.1)
      hpricot (>= 0.6.164)
      loggable (>= 0.2.0)
    heroku (2.20.1)
      launchy (>= 0.3.2)
      rest-client (~> 1.6.1)
      rubyzip
      term-ansicolor (~> 1.0.5)
    hpricot (0.8.5)
    jekyll (0.11.2)
      albino (~> 1.3)
      classifier (~> 1.3)
      directory_watcher (~> 1.1)
      kramdown (~> 0.13)
      liquid (~> 2.3)
      maruku (~> 0.5)
    kramdown (0.13.4)
    launchy (2.0.5)
      addressable (~> 2.2.6)
    liquid (2.3.0)
    loggable (0.3.0)
    maruku (0.6.0)
      syntax (>= 1.0.0)
    mime-types (1.17.2)
    posix-spawn (0.3.6)
    rest-client (1.6.7)
      mime-types (>= 1.16)
    rubyzip (0.9.5)
    syntax (1.0.0)
    term-ansicolor (1.0.7)

PLATFORMS
  ruby

DEPENDENCIES
  RedCloth
  babosa
  fleakr
  heroku
  jekyll
