GIT
  remote: git://github.com/himynameisjonas/fleakr.git
  revision: 2300eb3d915769a1ad76b0d4744c9b53acb01979
  specs:
    fleakr (0.7.1)
      hpricot (>= 0.6.164)
      loggable (>= 0.2.0)

GIT
  remote: git://github.com/himynameisjonas/rack-jekyll.git
  revision: deb3360f21e1b43886dd10758ac5560fa6fd70f8
  specs:
    rack-jekyll (0.3.7)
      jekyll (~> 0.11.0)
      rack (~> 1.3.2)

GEM
  remote: http://rubygems.org/
  specs:
    addressable (2.2.7)
    albino (1.3.3)
      posix-spawn (>= 0.3.6)
    babosa (0.3.6)
    classifier (1.3.3)
      fast-stemmer (>= 1.0.0)
    directory_watcher (1.4.1)
    fast-stemmer (1.0.1)
    heroku (2.20.1)
      launchy (>= 0.3.2)
      rest-client (~> 1.6.1)
      rubyzip
      term-ansicolor (~> 1.0.5)
    hpricot (0.8.6)
    jekyll (0.11.2)
      albino (~> 1.3)
      classifier (~> 1.3)
      directory_watcher (~> 1.1)
      kramdown (~> 0.13)
      liquid (~> 2.3)
      maruku (~> 0.5)
    kgio (2.7.4)
    kramdown (0.13.6)
    launchy (2.0.5)
      addressable (~> 2.2.6)
    liquid (2.3.0)
    loggable (0.3.0)
    maruku (0.6.0)
      syntax (>= 1.0.0)
    mime-types (1.17.2)
    posix-spawn (0.3.6)
    rack (1.3.6)
    rackables (0.2.0)
    raindrops (0.9.0)
    rake (0.9.2.2)
    rest-client (1.6.7)
      mime-types (>= 1.16)
    rubyzip (0.9.5)
    stringex (1.3.0)
    syntax (1.0.0)
    term-ansicolor (1.0.7)
    unicorn (4.3.1)
      kgio (~> 2.6)
      rack
      raindrops (~> 0.7)

PLATFORMS
  ruby

DEPENDENCIES
  babosa
  fleakr!
  heroku
  rack-jekyll!
  rackables
  rake
  stringex
  unicorn
